GEM
  remote: http://rubygems.org/
  specs:
    addressable (2.2.1)
    faraday (0.4.6)
      addressable (>= 2.1.1)
      rack (>= 1.0.1)
    mime-types (1.16)
    multi_json (0.0.4)
    mustache (0.11.2)
    net-ldap (0.1.1)
    nokogiri (1.4.3.1)
    oa-basic (0.1.2)
      multi_json (~> 0.0.2)
      nokogiri (~> 1.4.2)
      oa-core (= 0.1.2)
      rest-client (~> 1.6.0)
    oa-core (0.1.2)
      rack (~> 1.1)
    oa-enterprise (0.1.2)
      net-ldap (~> 0.1.1)
      nokogiri (~> 1.4.2)
      oa-core (= 0.1.2)
      rubyntlm (~> 0.1.1)
    oa-oauth (0.1.2)
      multi_json (~> 0.0.2)
      nokogiri (~> 1.4.2)
      oa-core (= 0.1.2)
      oauth (~> 0.4.0)
      oauth2 (~> 0.0.10)
    oa-openid (0.1.2)
      oa-core (= 0.1.2)
      rack-openid (~> 1.1.1)
      ruby-openid-apps-discovery
    oauth (0.4.3)
    oauth2 (0.0.13)
      faraday (~> 0.4.1)
      multi_json (>= 0.0.4)
    omniauth (0.1.2)
      oa-basic (= 0.1.2)
      oa-core (= 0.1.2)
      oa-enterprise (= 0.1.2)
      oa-oauth (= 0.1.2)
      oa-openid (= 0.1.2)
    rack (1.2.1)
    rack-openid (1.1.2)
      rack (>= 0.4)
      ruby-openid (>= 2.0.3)
    rest-client (1.6.1)
      mime-types (>= 1.16)
    ruby-openid (2.1.7)
    ruby-openid-apps-discovery (1.2.0)
      ruby-openid (>= 2.1.7)
    rubyntlm (0.1.1)
    sinatra (1.0)
      rack (>= 1.0)
    sinatra-session (1.0.0)
      sinatra (>= 1.0)

PLATFORMS
  ruby

DEPENDENCIES
  mustache
  omniauth
  sinatra
  sinatra-session
